GEM
  remote: https://rubygems.org/
  specs:
    byebug (11.0.1)
    coderay (1.1.2)
    deep_merge (1.2.1)
    diff-lcs (1.3)
    hashdiff (0.4.0)
    io-console (0.5.4)
    irb (1.2.1)
      reline (>= 0.0.1)
    method_source (0.9.2)
    multi_json (1.14.1)
    oj (2.18.5)
    parallel (1.19.1)
    phraseapp-ruby (1.6.0)
    pry (0.12.2)
      coderay (~> 1.1.0)
      method_source (~> 0.9.0)
    rake (10.5.0)
    reline (0.1.2)
      io-console (~> 0.5)
    rspec (3.8.0)
      rspec-core (~> 3.8.0)
      rspec-expectations (~> 3.8.0)
      rspec-mocks (~> 3.8.0)
    rspec-core (3.8.0)
      rspec-support (~> 3.8.0)
    rspec-expectations (3.8.3)
      diff-lcs (>= 1.2.0, < 2.0)
      rspec-support (~> 3.8.0)
    rspec-mocks (3.8.0)
      diff-lcs (>= 1.2.0, < 2.0)
      rspec-support (~> 3.8.0)
    rspec-support (3.8.0)
    rspec_junit_formatter (0.4.1)
      rspec-core (>= 2, < 4, != 2.12.0)
    thor (0.20.3)

PLATFORMS
  ruby

DEPENDENCIES
  byebug (= 11.0.1)
  coderay (= 1.1.2)
  deep_merge (= 1.2.1)
  diff-lcs (= 1.3)
  hashdiff (= 0.4.0)
  io-console (= 0.5.4)
  irb (= 1.2.1)
  method_source (= 0.9.2)
  multi_json (= 1.14.1)
  oj (= 2.18.5)
  parallel (= 1.19.1)
  phraseapp-ruby (= 1.6.0)
  pry (= 0.12.2)
  rake (= 10.5.0)
  reline (= 0.1.2)
  rspec (= 3.8.0)
  rspec-core (= 3.8.0)
  rspec-expectations (= 3.8.3)
  rspec-mocks (= 3.8.0)
  rspec-support (= 3.8.0)
  rspec_junit_formatter (= 0.4.1)
  thor (= 0.20.3)

BUNDLED WITH
   1.17.3
